GEM
  remote: https://rubygems.org/
  specs:
    exifr (1.4.1)

PLATFORMS
  x64-mingw-ucrt

DEPENDENCIES
  exifr

BUNDLED WITH
   2.6.2
